PATH
  remote: .
  specs:
    libxml-ruby (3.0.0)

GEM
  remote: https://www.rubygems.org/
  specs:
    ffi (1.9.18)
    haml (5.0.4)
      temple (>= 0.8.0)
      tilt
    hanna-nouveau (1.0.2)
      haml (>= 4)
      rdoc (>= 4.0)
      sass
    minitest (5.10.3)
    rake (12.3.0)
    rake-compiler (1.0.4)
      rake
    rb-fsevent (0.10.2)
    rb-inotify (0.9.10)
      ffi (>= 0.5.0, < 2)
    rdoc (6.0.1)
    sass (3.5.4)
      sass-listen (~> 4.0.0)
    sass-listen (4.0.0)
      rb-fsevent (~> 0.9, >= 0.9.4)
      rb-inotify (~> 0.9, >= 0.9.7)
    temple (0.8.0)
    tilt (2.0.8)

PLATFORMS
  ruby

DEPENDENCIES
  hanna-nouveau
  libxml-ruby!
  minitest
  rake-compiler

BUNDLED WITH
   1.16.1
